GEM
  remote: http://rubygems.org/
  specs:
    RedCloth (4.2.9)
    actionmailer (2.3.17)
      actionpack (= 2.3.17)
    actionpack (2.3.17)
      activesupport (= 2.3.17)
      rack (~> 1.1.0)
    activerecord (2.3.17)
      activesupport (= 2.3.17)
    activeresource (2.3.17)
      activesupport (= 2.3.17)
    activesupport (2.3.17)
    acts_as_commentable (2.1.1)
    coderay (1.0.8)
    facebooker (1.0.64)
      json_pure (>= 1.0.0)
    flickr (1.0.2)
      xml-simple (>= 1.0.7)
    friendly_id (2.3.2)
      activerecord (>= 2.2)
      activesupport (>= 2.2)
    icalendar (1.1.5)
    json (1.7.7)
    json_pure (1.7.7)
    method_source (0.8.1)
    net-ssh (2.6.5)
    nokogiri (1.4.1)
    pry (0.9.12)
      coderay (~> 1.0.5)
      method_source (~> 0.8)
      slop (~> 3.4)
    rack (1.1.6)
    rails (2.3.17)
      actionmailer (= 2.3.17)
      actionpack (= 2.3.17)
      activerecord (= 2.3.17)
      activeresource (= 2.3.17)
      activesupport (= 2.3.17)
      rake (>= 0.8.3)
    rake (10.0.3)
    rdoc (3.12.1)
      json (~> 1.4)
    slop (3.4.3)
    sqlite3 (1.3.7)
    tzinfo (0.3.24)
    xml-simple (1.1.2)

PLATFORMS
  ruby

DEPENDENCIES
  RedCloth (= 4.2.9)
  acts_as_commentable (= 2.1.1)
  facebooker (= 1.0.64)
  flickr (= 1.0.2)
  friendly_id (= 2.3.2)
  icalendar (= 1.1.5)
  net-ssh
  nokogiri (= 1.4.1)
  pry
  rails (= 2.3.17)
  rdoc
  sqlite3
  tzinfo (= 0.3.24)
