GEM
  remote: https://rubygems.org/
  specs:
    RedCloth (4.2.9)
    actionmailer (2.3.17)
      actionpack (= 2.3.17)
    actionpack (2.3.17)
      activesupport (= 2.3.17)
      rack (~> 1.1.0)
    activerecord (2.3.17)
      activesupport (= 2.3.17)
    activeresource (2.3.17)
      activesupport (= 2.3.17)
    activesupport (2.3.17)
    acts_as_commentable (2.1.1)
    capistrano (2.14.2)
      highline
      net-scp (>= 1.0.0)
      net-sftp (>= 2.0.0)
      net-ssh (>= 2.0.14)
      net-ssh-gateway (>= 1.1.0)
    coderay (1.0.8)
    daemon_controller (1.1.2)
    fastthread (1.0.7)
    flickr (1.0.2)
      xml-simple (>= 1.0.7)
    friendly_id (2.3.2)
      activerecord (>= 2.2)
      activesupport (>= 2.2)
    highline (1.6.18)
    icalendar (1.1.5)
    json (1.7.7)
    method_source (0.8.1)
    mini_magick (1.2.5)
    mini_portile2 (2.4.0)
    net-scp (1.1.0)
      net-ssh (>= 2.6.5)
    net-sftp (2.1.1)
      net-ssh (>= 2.6.5)
    net-ssh (2.6.5)
    net-ssh-gateway (1.2.0)
      net-ssh (>= 2.6.5)
    nokogiri (1.10.8)
      mini_portile2 (~> 2.4.0)
    passenger (3.0.19)
      daemon_controller (>= 1.0.0)
      fastthread (>= 1.0.1)
      rack
      rake (>= 0.8.1)
    pry (0.9.12)
      coderay (~> 1.0.5)
      method_source (~> 0.8)
      slop (~> 3.4)
    rack (1.1.6)
    rails (2.3.17)
      actionmailer (= 2.3.17)
      actionpack (= 2.3.17)
      activerecord (= 2.3.17)
      activeresource (= 2.3.17)
      activesupport (= 2.3.17)
      rake (>= 0.8.3)
    rake (10.0.3)
    rdoc (3.12.1)
      json (~> 1.4)
    rvm-capistrano (1.3.0)
      capistrano (>= 2.0.0)
    slop (3.4.3)
    sqlite3 (1.3.7)
    tzinfo (0.3.24)
    xml-simple (1.1.2)

PLATFORMS
  ruby

DEPENDENCIES
  RedCloth (= 4.2.9)
  acts_as_commentable (= 2.1.1)
  capistrano
  flickr (= 1.0.2)
  friendly_id (= 2.3.2)
  icalendar (= 1.1.5)
  json (= 1.7.7)
  mini_magick (= 1.2.5)
  net-ssh
  nokogiri (= 1.10.8)
  passenger (= 3.0.19)
  pry
  rails (= 2.3.17)
  rdoc
  rvm-capistrano
  sqlite3
  tzinfo (= 0.3.24)
